GEM
  remote: http://rubygems.org/
  specs:
    git (1.2.5)
    jeweler (1.5.2)
      bundler (~> 1.0.0)
      git (>= 1.2.5)
      rake
    johnson (1.2.0)
    rake (0.8.7)

PLATFORMS
  ruby

DEPENDENCIES
  jeweler (~> 1.5.0)
  johnson (~> 1.2.0)
  rake (~> 0.8.7)
